GEM
  remote: https://rubygems.org/
  specs:
    blankslate (2.1.2.4)
    bson (1.8.6)
    diff-lcs (1.2.4)
    docile (1.0.2)
    faraday (0.8.7)
      multipart-post (~> 1.1)
    mongo (1.8.6)
      bson (~> 1.8.6)
    multi_json (1.7.5)
    multipart-post (1.2.0)
    parslet (1.5.0)
      blankslate (~> 2.0)
    rake (10.0.4)
    rspec (2.13.0)
      rspec-core (~> 2.13.0)
      rspec-expectations (~> 2.13.0)
      rspec-mocks (~> 2.13.0)
    rspec-core (2.13.1)
    rspec-expectations (2.13.0)
      diff-lcs (>= 1.1.3, < 2.0)
    rspec-mocks (2.13.1)
    simple_oauth (0.2.0)
    twitter (4.7.0)
      faraday (~> 0.8, < 0.10)
      multi_json (~> 1.0)
      simple_oauth (~> 0.2)

PLATFORMS
  ruby

DEPENDENCIES
  docile
  mongo
  parslet
  rake
  rspec
  twitter
